GEM
  remote: https://rubygems.org/
  specs:
    date (3.3.4)
    hashie (5.0.0)
    json (2.7.2)
    open-uri (0.4.1)
      stringio
      time
      uri
    pp (0.5.0)
      prettyprint
    prettyprint (0.2.0)
    stringio (3.1.1)
    time (0.3.0)
      date
    uri (0.13.0)
    yaml (0.3.0)

PLATFORMS
  arm64-darwin-23
  ruby

DEPENDENCIES
  hashie (~> 5.0)
  json (~> 2.7)
  open-uri (~> 0.4.1)
  pp (~> 0.5.0)
  yaml (~> 0.3.0)

BUNDLED WITH
   2.5.9
